GIT
  remote: https://github.com/middleman/middleman-sprockets.git
  revision: dfd757a8fa8f9993837ebc3d5fbe23f9da5b77f4
  specs:
    middleman-sprockets (3.0.0.rc.3)
      middleman-more (= 3.0.0.rc.3)
      sprockets (~> 2.1)
      sprockets-sass (~> 0.8.0)

GIT
  remote: https://github.com/middleman/middleman.git
  revision: b5f6de980a825382dcc0f19aa9b778bcc349b95f
  specs:
    middleman (3.0.0.rc.3)
      middleman-core (= 3.0.0.rc.3)
      middleman-more (= 3.0.0.rc.3)
      middleman-sprockets (= 3.0.0.rc.3)
    middleman-core (3.0.0.rc.3)
      activesupport (~> 3.2.6)
      bundler (~> 1.1)
      listen (~> 0.4.6)
      rack (~> 1.4.0)
      rack-test (~> 0.6.1)
      thor (~> 0.15.3)
      tilt (~> 1.3.1)
    middleman-more (3.0.0.rc.3)
      coffee-script (~> 2.2.0)
      coffee-script-source (~> 1.3.3)
      compass (>= 0.12.1)
      execjs (~> 1.3.2)
      haml (>= 3.1.0)
      i18n (~> 0.6.0)
      maruku (~> 0.6.0)
      middleman-core (= 3.0.0.rc.3)
      padrino-helpers (~> 0.10.7)
      sass (>= 3.1.7)
      uglifier (~> 1.2.0)

GEM
  remote: http://rubygems.org/
  specs:
    activesupport (3.2.6)
      i18n (~> 0.6)
      multi_json (~> 1.0)
    chunky_png (1.2.5)
    coffee-script (2.2.0)
      coffee-script-source
      execjs
    coffee-script-source (1.3.3)
    compass (0.12.2)
      chunky_png (~> 1.2)
      fssm (>= 0.2.7)
      sass (~> 3.1)
    execjs (1.3.2)
      multi_json (~> 1.0)
    ffi (1.0.11)
    fssm (0.2.9)
    haml (3.1.6)
    hike (1.2.1)
    http_router (0.10.2)
      rack (>= 1.0.0)
      url_mount (~> 0.2.1)
    i18n (0.6.0)
    listen (0.4.6)
      rb-fchange (~> 0.0.5)
      rb-fsevent (~> 0.9.1)
      rb-inotify (~> 0.8.8)
    maruku (0.6.0)
      syntax (>= 1.0.0)
    multi_json (1.3.6)
    padrino-core (0.10.7)
      activesupport (~> 3.2.0)
      http_router (~> 0.10.2)
      sinatra (~> 1.3.1)
      thor (~> 0.15.2)
      tilt (~> 1.3.0)
    padrino-helpers (0.10.7)
      i18n (~> 0.6)
      padrino-core (= 0.10.7)
    rack (1.4.1)
    rack-contrib (1.1.0)
      rack (>= 0.9.1)
    rack-protection (1.2.0)
      rack
    rack-test (0.6.1)
      rack (>= 1.0)
    rb-fchange (0.0.5)
      ffi
    rb-fsevent (0.9.1)
    rb-inotify (0.8.8)
      ffi (>= 0.5.0)
    redcarpet (2.1.1)
    sass (3.1.19)
    sinatra (1.3.2)
      rack (~> 1.3, >= 1.3.6)
      rack-protection (~> 1.2)
      tilt (~> 1.3, >= 1.3.3)
    slim (1.2.2)
      temple (~> 0.4.0)
      tilt (~> 1.3.3)
    sprockets (2.4.3)
      hike (~> 1.2)
      multi_json (~> 1.0)
      rack (~> 1.0)
      tilt (~> 1.1, != 1.3.0)
    sprockets-sass (0.8.0)
      sprockets (~> 2.0)
      tilt (~> 1.1)
    syntax (1.0.0)
    temple (0.4.0)
    thor (0.15.3)
    tilt (1.3.3)
    uglifier (1.2.5)
      execjs (>= 0.3.0)
      multi_json (~> 1.3)
    url_mount (0.2.1)
      rack

PLATFORMS
  ruby

DEPENDENCIES
  middleman!
  middleman-sprockets!
  rack-contrib
  redcarpet
  slim
